GEM
  remote: https://rubygems.org/
  specs:
    rake (11.2.2)
    sass (3.4.22)
    scss_lint (0.48.0)
      rake (>= 0.9, < 12)
      sass (~> 3.4.15)

PLATFORMS
  ruby
  x64-mingw32

DEPENDENCIES
  scss_lint (~> 0.48.0)

BUNDLED WITH
   1.15.1
